GEM
  remote: https://rubygems.org/
  specs:
    ast (2.3.0)
    diff-lcs (1.2.5)
    jruby-jars (9.1.6.0)
    jruby-rack (1.1.20)
    minitest (5.10.1)
    parser (2.3.3.0)
      ast (~> 2.2)
    powerpack (0.1.1)
    puma (3.6.2)
    puma (3.6.2-java)
    rack (1.6.5)
    rack-protection (1.5.3)
      rack
    rack-test (0.6.3)
      rack (>= 1.0)
    rainbow (2.1.0)
    rake (11.3.0)
    rspec (3.5.0)
      rspec-core (~> 3.5.0)
      rspec-expectations (~> 3.5.0)
      rspec-mocks (~> 3.5.0)
    rspec-core (3.5.4)
      rspec-support (~> 3.5.0)
    rspec-expectations (3.5.0)
      diff-lcs (>= 1.2.0, < 2.0)
      rspec-support (~> 3.5.0)
    rspec-mocks (3.5.0)
      diff-lcs (>= 1.2.0, < 2.0)
      rspec-support (~> 3.5.0)
    rspec-support (3.5.0)
    rubocop (0.46.0)
      parser (>= 2.3.1.1, < 3.0)
      powerpack (~> 0.1)
      rainbow (>= 1.99.1, < 3.0)
      ruby-progressbar (~> 1.7)
      unicode-display_width (~> 1.0, >= 1.0.1)
    ruby-progressbar (1.8.1)
    rubyzip (1.2.0)
    sinatra (1.4.7)
      rack (~> 1.5)
      rack-protection (~> 1.4)
      tilt (>= 1.3, < 3)
    sinatra-param (1.4.0)
      sinatra (~> 1.3)
    tilt (2.0.5)
    unicode-display_width (1.1.1)
    warbler (2.0.4)
      jruby-jars (>= 9.0.0.0)
      jruby-rack (>= 1.1.1, < 1.3)
      rake (>= 10.1.0)
      rubyzip (~> 1.0, < 1.4)

PLATFORMS
  java
  ruby

DEPENDENCIES
  minitest
  puma
  rack-test
  rake
  rspec
  rubocop
  sinatra
  sinatra-param
  warbler

BUNDLED WITH
   1.13.6
